GEM
  remote: https://rubygems.org/
  specs:
    citrus (3.0.2)
    dotenv (2.0.2)
    rake (10.4.2)
    sqlite3 (1.3.11)
    toml-rb (0.3.8)
      citrus (~> 3.0, > 3.0)

PLATFORMS
  ruby

DEPENDENCIES
  dotenv
  rake
  sqlite3
  toml-rb

BUNDLED WITH
   1.10.6
